PATH
  remote: ./vendor/asciidoctor-epub3
  specs:
    asciidoctor-epub3 (1.5.0.gambhiro.pre.develop)
      asciidoctor (~> 1.5.7.dev)
      gepub (~> 0.7.0.gambhiro.pre.develop)
      thread_safe (~> 0.3.6)

PATH
  remote: ./vendor/asciidoctor-pdf
  specs:
    asciidoctor-pdf (1.5.0.alpha.17.dev)
      asciidoctor (~> 1.5.7.dev)
      prawn (>= 1.3.0, < 2.3.0)
      prawn-icon (= 1.4.0)
      prawn-svg (>= 0.21.0, < 0.28.0)
      prawn-table (= 0.2.2)
      prawn-templates (>= 0.0.3, <= 0.1.1)
      safe_yaml (~> 1.0.4)
      thread_safe (~> 0.3.6)
      treetop (= 1.5.3)

PATH
  remote: ./vendor/asciidoctor
  specs:
    asciidoctor (1.5.7.dev)

PATH
  remote: ./vendor/gepub
  specs:
    gepub (0.7.0.gambhiro.pre.develop)
      nokogiri (>= 1.6.1, < 1.9)
      rubyzip (>= 1.1.1)

GEM
  remote: https://rubygems.org/
  specs:
    Ascii85 (1.0.3)
    addressable (2.5.2)
      public_suffix (>= 2.0.2, < 4.0)
    afm (0.2.2)
    css_parser (1.6.0)
      addressable
    hashery (2.1.2)
    mini_portile2 (2.3.0)
    nokogiri (1.8.2)
      mini_portile2 (~> 2.3.0)
    pdf-core (0.7.0)
    pdf-reader (2.1.0)
      Ascii85 (~> 1.0.0)
      afm (~> 0.2.1)
      hashery (~> 2.0)
      ruby-rc4
      ttfunk
    polyglot (0.3.5)
    prawn (2.2.2)
      pdf-core (~> 0.7.0)
      ttfunk (~> 1.5)
    prawn-icon (1.4.0)
      prawn (>= 1.1.0, < 3.0.0)
    prawn-svg (0.27.1)
      css_parser (~> 1.3)
      prawn (>= 0.11.1, < 3)
    prawn-table (0.2.2)
      prawn (>= 1.3.0, < 3.0.0)
    prawn-templates (0.1.1)
      pdf-reader (~> 2.0)
      prawn (~> 2.2)
    public_suffix (3.0.2)
    ruby-rc4 (0.1.5)
    rubyzip (1.2.1)
    safe_yaml (1.0.4)
    thread_safe (0.3.6)
    treetop (1.5.3)
      polyglot (~> 0.3)
    ttfunk (1.5.1)

PLATFORMS
  ruby

DEPENDENCIES
  asciidoctor!
  asciidoctor-epub3 (= 1.5.0.gambhiro.pre.develop)!
  asciidoctor-pdf!
  gepub!

BUNDLED WITH
   1.13.7
